GEM
  remote: https://rubygems.org/
  specs:
    minitest (5.12.2)

PLATFORMS
  x86_64-linux

DEPENDENCIES
  minitest (= 5.12.2)

BUNDLED WITH
   2.2.30
